PATH
  remote: .
  specs:
    wired (0.0.3)

GEM
  remote: https://rubygems.org/
  specs:
    bindata (2.4.4)
    curses (1.3.1)
    deep_clone (0.0.1)
    diff-lcs (1.3)
    little-plugger (1.1.4)
    logging (1.8.2)
      little-plugger (>= 1.1.3)
      multi_json (>= 1.8.4)
    mini_portile2 (2.4.0)
    multi_json (1.13.1)
    nokogiri (1.10.8)
      mini_portile2 (~> 2.4.0)
    openssl (2.1.2)
    pr-zlib (1.0.6)
    rspec (2.99.0)
      rspec-core (~> 2.99.0)
      rspec-expectations (~> 2.99.0)
      rspec-mocks (~> 2.99.0)
    rspec-core (2.99.2)
    rspec-expectations (2.99.2)
      diff-lcs (>= 1.1.3, < 2.0)
    rspec-mocks (2.99.4)
    thor (0.20.3)
    timers (1.1.0)
    zlib (1.0.0)

PLATFORMS
  ruby

DEPENDENCIES
  bindata (~> 2.4.4)
  curses
  deep_clone (~> 0.0.1)
  logging (~> 1.8, >= 1.8.1)
  nokogiri (~> 1.5, >= 1.5.5)
  openssl (~> 2.1.2)
  pr-zlib (~> 1.0.6)
  rspec (~> 2.13, >= 2.13.0)
  thor
  timers (~> 1.1, >= 1.1.0)
  wired!
  zlib (~> 1.0.0)

BUNDLED WITH
   1.17.3
